GEM
  remote: https://rubygems.org/
  specs:
    diff-lcs (1.2.4)
    rspec-core (2.14.5)
    rspec-expectations (2.14.2)
      diff-lcs (>= 1.1.3, < 2.0)
    rspec-mocks (2.14.4)

PLATFORMS
  x86-mingw32

DEPENDENCIES
  rspec-core
  rspec-expectations
  rspec-mocks
